PATH
  remote: .
  specs:
    pgi (1.0.0)
      connection_pool (~> 2.4)
      pg (~> 1.5)

GEM
  remote: https://rubygems.org/
  specs:
    ansi (1.5.0)
    ast (2.4.2)
    builder (3.2.4)
    bundler-audit (0.9.1)
      bundler (>= 1.2.0, < 3)
      thor (~> 1.0)
    coderay (1.1.3)
    connection_pool (2.4.0)
    docile (1.4.0)
    json (2.6.3)
    method_source (1.0.0)
    minitest (5.18.0)
    minitest-reporters (1.6.0)
      ansi
      builder
      minitest (>= 5.0)
      ruby-progressbar
    parallel (1.23.0)
    parser (3.2.2.1)
      ast (~> 2.4.1)
    pg (1.5.3)
    pry (0.14.2)
      coderay (~> 1.1)
      method_source (~> 1.0)
    rainbow (3.1.1)
    rake (13.0.6)
    regexp_parser (2.8.0)
    rexml (3.2.5)
    rubocop (1.50.2)
      json (~> 2.3)
      parallel (~> 1.10)
      parser (>= 3.2.0.0)
      rainbow (>= 2.2.2, < 4.0)
      regexp_parser (>= 1.8, < 3.0)
      rexml (>= 3.2.5, < 4.0)
      rubocop-ast (>= 1.28.0, < 2.0)
      ruby-progressbar (~> 1.7)
      unicode-display_width (>= 2.4.0, < 3.0)
    rubocop-ast (1.28.0)
      parser (>= 3.2.1.0)
    ruby-progressbar (1.13.0)
    simplecov (0.22.0)
      docile (~> 1.1)
      simplecov-html (~> 0.11)
      simplecov_json_formatter (~> 0.1)
    simplecov-console (0.9.1)
      ansi
      simplecov
      terminal-table
    simplecov-html (0.12.3)
    simplecov_json_formatter (0.1.4)
    terminal-table (3.0.2)
      unicode-display_width (>= 1.1.1, < 3)
    thor (1.2.1)
    unicode-display_width (2.4.2)

PLATFORMS
  aarch64-linux
  arm64-darwin-21
  x86_64-linux

DEPENDENCIES
  bundler-audit
  minitest
  minitest-reporters
  pgi!
  pry
  rake
  rubocop
  simplecov
  simplecov-console

BUNDLED WITH
   2.3.8
